GEM
  remote: https://rubygems.org/
  specs:
    byebug (11.1.3)
    coderay (1.1.3)
    git (1.8.1)
      rchardet (~> 1.8)
    method_source (1.0.0)
    power_assert (2.0.0)
    pry (0.13.1)
      coderay (~> 1.1)
      method_source (~> 1.0)
    pry-byebug (3.9.0)
      byebug (~> 11.0)
      pry (~> 0.13.0)
    rake (13.0.3)
    rchardet (1.8.0)
    test-unit (3.4.2)
      power_assert

PLATFORMS
  ruby

DEPENDENCIES
  git
  pry-byebug
  rake
  test-unit

BUNDLED WITH
   2.1.4
