GEM
  remote: https://rubygems.org/
  specs:
    debug (1.6.2)
      irb (>= 1.3.6)
      reline (>= 0.3.1)
    git (1.11.0)
      rchardet (~> 1.8)
    io-console (0.5.11)
    irb (1.4.1)
      reline (>= 0.3.0)
    power_assert (2.0.1)
    rake (13.0.6)
    rchardet (1.8.0)
    reline (0.3.1)
      io-console (~> 0.5)
    test-unit (3.5.3)
      power_assert

PLATFORMS
  ruby

DEPENDENCIES
  debug
  git
  rake
  test-unit

BUNDLED WITH
   2.3.3
