GEM
  remote: https://rubygems.org/
  specs:
    byebug (11.0.0)
    coderay (1.1.2)
    method_source (0.9.2)
    power_assert (1.1.4)
    pry (0.12.2)
      coderay (~> 1.1.0)
      method_source (~> 0.9.0)
    pry-byebug (3.7.0)
      byebug (~> 11.0)
      pry (~> 0.10)
    rake (12.3.2)
    rugged (0.27.7)
    test-unit (3.3.2)
      power_assert

PLATFORMS
  ruby

DEPENDENCIES
  pry-byebug
  rake
  rugged
  test-unit

BUNDLED WITH
   1.16.1
