GEM
  remote: https://rubygems.org/
  specs:
    addressable (2.8.1)
      public_suffix (>= 2.0.2, < 6.0)
    debug (1.9.0)
      irb (~> 1.10)
      reline (>= 0.3.8)
    git (1.18.0)
      addressable (~> 2.8)
      rchardet (~> 1.8)
    io-console (0.6.0)
    irb (1.10.1)
      rdoc
      reline (>= 0.3.8)
    power_assert (2.0.3)
    psych (5.1.1.1)
      stringio
    public_suffix (5.0.1)
    rake (13.0.6)
    rchardet (1.8.0)
    rdoc (6.6.1)
      psych (>= 4.0.0)
    reline (0.4.1)
      io-console (~> 0.5)
    stringio (3.1.0)
    test-unit (3.6.1)
      power_assert

PLATFORMS
  ruby

DEPENDENCIES
  debug
  git
  rake
  test-unit

BUNDLED WITH
   2.3.3
