GEM
  remote: https://rubygems.org/
  specs:
    addressable (2.8.1)
      public_suffix (>= 2.0.2, < 6.0)
    date (3.4.1)
    debug (1.10.0)
      irb (~> 1.10)
      reline (>= 0.3.8)
    git (1.18.0)
      addressable (~> 2.8)
      rchardet (~> 1.8)
    io-console (0.8.0)
    irb (1.14.3)
      rdoc (>= 4.0.0)
      reline (>= 0.4.2)
    power_assert (2.0.4)
    psych (5.2.2)
      date
      stringio
    public_suffix (5.0.1)
    rake (13.2.1)
    rchardet (1.8.0)
    rdoc (6.10.0)
      psych (>= 4.0.0)
    reline (0.6.0)
      io-console (~> 0.5)
    stringio (3.1.2)
    test-unit (3.6.7)
      power_assert

PLATFORMS
  ruby

DEPENDENCIES
  debug
  git
  rake
  test-unit

BUNDLED WITH
   2.3.3
